GEM
  remote: https://rubygems.org/
  specs:
    actionmailer (2.3.18)
      actionpack (= 2.3.18)
    actionpack (2.3.18)
      activesupport (= 2.3.18)
      rack (~> 1.1.0)
    activerecord (2.3.18)
      activesupport (= 2.3.18)
    activerecord-postgresql-adapter (0.0.1)
      pg
    activeresource (2.3.18)
      activesupport (= 2.3.18)
    activesupport (2.3.18)
    bundler-unload (1.0.2)
    calendar_date_select (1.16.4)
    canonix (0.1.1)
    carmen (0.2.13)
    couchrest (0.35)
      mime-types (>= 1.15)
      rest-client (>= 0.5)
    domain_name (0.5.20170404)
      unf (>= 0.0.5, < 1.0.0)
    executable-hooks (1.3.2)
    fastercsv (1.5.5)
    ferret (0.11.8.7)
    gem-wrappers (1.2.7)
    hashie (3.6.0)
    http-cookie (1.0.3)
      domain_name (~> 0.5)
    i18n (0.4.2)
    json (1.8.6)
    json_pure (1.8.6)
    macaddr (1.7.1)
      systemu (~> 2.6.2)
    mime-types (1.19)
    multi_json (1.12.1)
    netrc (0.11.0)
    nokogiri (1.5.11)
    omniauth (1.4.2)
      hashie (>= 1.2, < 4)
      rack (>= 1.0, < 3)
    omniauth-saml (1.2.0)
      omniauth (~> 1.2)
      ruby-saml (~> 0.7.3)
    pg (0.17.1)
    rack (1.1.6)
    rails (2.3.18)
      actionmailer (= 2.3.18)
      actionpack (= 2.3.18)
      activerecord (= 2.3.18)
      activeresource (= 2.3.18)
      activesupport (= 2.3.18)
      rake (>= 0.8.3)
    rake (12.3.3)
    rdoc (4.2.2)
      json (~> 1.4)
    rest-client (1.5.1)
      mime-types (>= 1.16)
    ruby-net-ldap (0.0.4)
    ruby-saml (0.7.3)
      canonix (= 0.1.1)
      nokogiri (~> 1.5.0)
      uuid (~> 2.3)
    rubygems-bundler (1.4.4)
      bundler-unload (>= 1.0.2)
      executable-hooks (>= 1.3.2)
    rubyzip (0.9.9)
    rvm (1.11.3.9)
    sqlite3 (1.3.13)
    sqlite3-ruby (1.3.3)
      sqlite3 (>= 1.3.3)
    systemu (2.6.5)
    unf (0.1.4)
      unf_ext
    unf_ext (0.0.7.4)
    uuid (2.3.9)
      macaddr (~> 1.0)

PLATFORMS
  ruby

DEPENDENCIES
  actionmailer (= 2.3.18)
  actionpack (= 2.3.18)
  activerecord (= 2.3.18)
  activerecord-postgresql-adapter (= 0.0.1)
  activeresource (= 2.3.18)
  activesupport (= 2.3.18)
  bundler-unload (= 1.0.2)
  calendar_date_select (= 1.16.4)
  carmen (= 0.2.13)
  couchrest (= 0.35)
  domain_name (= 0.5.20170404)
  executable-hooks (= 1.3.2)
  fastercsv (= 1.5.5)
  ferret (= 0.11.8.7)
  gem-wrappers (= 1.2.7)
  http-cookie (= 1.0.3)
  i18n (= 0.4.2)
  json_pure (= 1.8.6)
  mime-types (= 1.19)
  multi_json (= 1.12.1)
  netrc (= 0.11.0)
  omniauth-saml (= 1.2.0)
  pg (= 0.17.1)
  rack (= 1.1.6)
  rails (= 2.3.18)
  rake (= 12.3.3)
  rdoc
  rest-client (= 1.5.1)
  ruby-net-ldap (= 0.0.4)
  rubygems-bundler (= 1.4.4)
  rubyzip (= 0.9.9)
  rvm (= 1.11.3.9)
  sqlite3 (= 1.3.13)
  sqlite3-ruby (= 1.3.3)
  unf (= 0.1.4)
  unf_ext (= 0.0.7.4)

BUNDLED WITH
   1.16.4
